PATH
  remote: .
  specs:
    adauth (1.2.1)
      net-ldap

GEM
  remote: http://rubygems.org/
  specs:
    diff-lcs (1.1.3)
    net-ldap (0.3.1)
    rake (0.9.2.2)
    rspec (2.11.0)
      rspec-core (~> 2.11.0)
      rspec-expectations (~> 2.11.0)
      rspec-mocks (~> 2.11.0)
    rspec-core (2.11.1)
    rspec-expectations (2.11.1)
      diff-lcs (~> 1.1.3)
    rspec-mocks (2.11.1)

PLATFORMS
  ruby

DEPENDENCIES
  adauth!
  rake
  rspec
